GEM
  remote: http://rubygems.org/
  specs:
    addressable (2.3.5)
    backports (3.3.4)
    diff-lcs (1.2.4)
    doodle (0.2.3)
    ebnf (0.3.1)
      rdf
      sxp
    emk-sinatra-url-for (0.2.1)
      sinatra (>= 0.9.1.1)
    equivalent-xml (0.3.0)
      nokogiri (>= 1.4.3)
    eventmachine (1.0.3)
    fakeweb (1.3.0)
    haml (4.0.3)
      tilt
    htmlentities (4.3.1)
    json (1.8.0)
    json_pure (1.8.0)
    metaclass (0.0.1)
    mocha (0.11.4)
      metaclass (~> 0.0.1)
    nokogiri (1.5.10)
    rack (1.5.2)
    rack-protection (1.5.0)
      rack
    rack-test (0.6.2)
      rack (>= 1.0)
    rake (10.1.0)
    rcov (1.0.0)
    rdf (1.0.8)
      addressable (>= 2.2)
    rdf-json (1.0.0)
      json_pure (>= 1.4)
      rdf (>= 1.0)
    rdf-rdfa (1.0.2)
      haml (>= 4.0)
      htmlentities (>= 4.3.1)
      rdf (>= 1.0.5)
      rdf-xsd (>= 1.0)
    rdf-rdfxml (1.0.1)
      rdf (>= 1.0)
      rdf-xsd (>= 1.0)
    rdf-trix (1.0.0)
      rdf (>= 1.0)
    rdf-turtle (1.0.9)
      ebnf (>= 0.3.0)
      rdf (>= 1.0.7)
    rdf-xsd (1.0.2.1)
      nokogiri (>= 1.5.0)
      rdf (>= 0.3.4)
    rdiscount (2.1.6)
    rspec (2.14.1)
      rspec-core (~> 2.14.0)
      rspec-expectations (~> 2.14.0)
      rspec-mocks (~> 2.14.0)
    rspec-core (2.14.5)
    rspec-expectations (2.14.3)
      diff-lcs (>= 1.1.3, < 2.0)
    rspec-mocks (2.14.3)
    shotgun (0.9)
      rack (>= 1.0)
    sinatra (1.3.3)
      rack (~> 1.3, >= 1.3.6)
      rack-protection (~> 1.2)
      tilt (~> 1.3, >= 1.3.3)
    sinatra-contrib (1.3.2)
      backports (>= 2.0)
      eventmachine
      rack-protection
      rack-test
      sinatra (~> 1.3.0)
      tilt (~> 1.3)
    sxp (0.1.3)
      json (>= 1.1.1)
    tilt (1.4.1)

PLATFORMS
  ruby

DEPENDENCIES
  doodle
  emk-sinatra-url-for
  equivalent-xml
  fakeweb
  json_pure
  mocha (= 0.11.4)
  nokogiri (= 1.5.10)
  rack-test
  rake
  rcov
  rdf (>= 0.3.1)
  rdf-json
  rdf-rdfa
  rdf-rdfxml (= 1.0.1)
  rdf-trix
  rdf-turtle
  rdiscount
  rspec (>= 2.7.0)
  shotgun
  sinatra (= 1.3.3)
  sinatra-contrib (= 1.3.2)
